GIT
  remote: git://github.com/bbtfr/index_for.git
  revision: 75499deaa2f0f6697bbd6a004f7c719d78abafc5
  specs:
    index_for (0.2.0)
      actionpack (>= 3.2, < 5)
      activemodel (>= 3.2, < 5)

GIT
  remote: git://github.com/bbtfr/wx_pay.git
  revision: f305e18b300fd5cefa0559d2b9759887de1bb869
  specs:
    wx_pay (0.2.0)
      activesupport (>= 3.2)
      rest-client (>= 1.7)

GEM
  remote: https://gems.ruby-china.org/
  specs:
    actionmailer (4.2.6)
      actionpack (= 4.2.6)
      actionview (= 4.2.6)
      activejob (= 4.2.6)
      mail (~> 2.5, >= 2.5.4)
      rails-dom-testing (~> 1.0, >= 1.0.5)
    actionpack (4.2.6)
      actionview (= 4.2.6)
      activesupport (= 4.2.6)
      rack (~> 1.6)
      rack-test (~> 0.6.2)
      rails-dom-testing (~> 1.0, >= 1.0.5)
      rails-html-sanitizer (~> 1.0, >= 1.0.2)
    actionview (4.2.6)
      activesupport (= 4.2.6)
      builder (~> 3.1)
      erubis (~> 2.7.0)
      rails-dom-testing (~> 1.0, >= 1.0.5)
      rails-html-sanitizer (~> 1.0, >= 1.0.2)
    activejob (4.2.6)
      activesupport (= 4.2.6)
      globalid (>= 0.3.0)
    activemodel (4.2.6)
      activesupport (= 4.2.6)
      builder (~> 3.1)
    activerecord (4.2.6)
      activemodel (= 4.2.6)
      activesupport (= 4.2.6)
      arel (~> 6.0)
    activerecord-redundancy (0.3.3)
      activerecord (>= 3.2, < 5)
    activesupport (4.2.6)
      i18n (~> 0.7)
      json (~> 1.7, >= 1.7.7)
      minitest (~> 5.1)
      thread_safe (~> 0.3, >= 0.3.4)
      tzinfo (~> 1.1)
    airbrussh (1.0.1)
      sshkit (>= 1.6.1, != 1.7.0)
    alipay (0.12.0)
    arel (6.0.3)
    authlogic (3.4.6)
      activerecord (>= 3.2)
      activesupport (>= 3.2)
      request_store (~> 1.0)
      scrypt (>= 1.2, < 3.0)
    autoprefixer-rails (6.3.6)
      execjs
    binding_of_caller (0.7.2)
      debug_inspector (>= 0.0.1)
    bootstrap-sass (3.3.6)
      autoprefixer-rails (>= 5.2.1)
      sass (>= 3.3.4)
    builder (3.2.2)
    byebug (8.2.5)
    callsite (0.0.11)
    capistrano (3.5.0)
      airbrussh (>= 1.0.0)
      capistrano-harrow
      i18n
      rake (>= 10.0.0)
      sshkit (>= 1.9.0)
    capistrano-bundler (1.1.4)
      capistrano (~> 3.1)
      sshkit (~> 1.2)
    capistrano-harrow (0.4.0)
    capistrano-rails (1.1.6)
      capistrano (~> 3.1)
      capistrano-bundler (~> 1.1)
    capistrano-sidekiq (0.5.4)
      capistrano
      sidekiq (>= 3.4)
    capistrano-unicorn-nginx (4.0.0)
      capistrano (>= 3.1)
      sshkit (>= 1.2.0)
    carrierwave (0.11.0)
      activemodel (>= 3.2.0)
      activesupport (>= 3.2.0)
      json (>= 1.7)
      mime-types (>= 1.16)
    chart-js-rails (0.1.0)
      railties (> 3.1)
    chronic (0.10.2)
    chunky_png (1.3.5)
    climate_control (0.0.3)
      activesupport (>= 3.0)
    cocaine (0.5.8)
      climate_control (>= 0.0.3, < 1.0)
    coffee-rails (4.1.1)
      coffee-script (>= 2.2.0)
      railties (>= 4.0.0, < 5.1.x)
    coffee-script (2.4.1)
      coffee-script-source
      execjs
    coffee-script-source (1.10.0)
    concurrent-ruby (1.0.2)
    connection_pool (2.2.0)
    debug_inspector (0.0.2)
    domain_name (0.5.20160310)
      unf (>= 0.0.5, < 1.0.0)
    dotenv (2.1.1)
    dotenv-rails (2.1.1)
      dotenv (= 2.1.1)
      railties (>= 4.0, < 5.1)
    dropzonejs-rails (0.7.3)
      rails (> 3.1)
    erubis (2.7.0)
    execjs (2.6.0)
    ffi (1.9.10)
    ffi-compiler (0.1.3)
      ffi (>= 1.0.0)
      rake
    git-version-bump (0.15.1)
    globalid (0.3.6)
      activesupport (>= 4.1.0)
    http-cookie (1.0.2)
      domain_name (~> 0.5)
    i18n (0.7.0)
    jbuilder (2.4.1)
      activesupport (>= 3.0.0, < 5.1)
      multi_json (~> 1.2)
    jquery-datatables-rails (3.4.0)
      actionpack (>= 3.1)
      jquery-rails
      railties (>= 3.1)
      sass-rails
    jquery-rails (4.0.4)
      rails-dom-testing (~> 1.0)
      railties (>= 4.2.0)
      thor (>= 0.14, < 2.0)
    json (1.8.3)
    kaminari (0.16.3)
      actionpack (>= 3.0.0)
      activesupport (>= 3.0.0)
    kaminari-bootstrap (3.0.1)
      kaminari (>= 0.13.0)
      rails
    kgio (2.10.0)
    loofah (2.0.3)
      nokogiri (>= 1.5.9)
    mail (2.6.4)
      mime-types (>= 1.16, < 4)
    meta_request (0.4.0)
      callsite (~> 0.0, >= 0.0.11)
      rack-contrib (~> 1.1)
      railties (>= 3.0.0, < 5.1.0)
    mime-types (2.99.1)
    mimemagic (0.3.0)
    mini_magick (4.5.1)
    mini_portile2 (2.0.0)
    minitest (5.8.4)
    multi_json (1.11.3)
    multi_xml (0.5.5)
    net-scp (1.2.1)
      net-ssh (>= 2.6.5)
    net-ssh (3.1.1)
    netrc (0.11.0)
    nokogiri (1.6.7.2)
      mini_portile2 (~> 2.0.0.rc2)
    paperclip (4.3.6)
      activemodel (>= 3.2.0)
      activesupport (>= 3.2.0)
      cocaine (~> 0.5.5)
      mime-types
      mimemagic (= 0.3.0)
    pg (0.18.4)
    quiet_assets (1.1.0)
      railties (>= 3.1, < 5.0)
    rack (1.6.4)
    rack-contrib (1.4.0)
      git-version-bump (~> 0.15)
      rack (~> 1.4)
    rack-test (0.6.3)
      rack (>= 1.0)
    rails (4.2.6)
      actionmailer (= 4.2.6)
      actionpack (= 4.2.6)
      actionview (= 4.2.6)
      activejob (= 4.2.6)
      activemodel (= 4.2.6)
      activerecord (= 4.2.6)
      activesupport (= 4.2.6)
      bundler (>= 1.3.0, < 2.0)
      railties (= 4.2.6)
      sprockets-rails
    rails-deprecated_sanitizer (1.0.3)
      activesupport (>= 4.2.0.alpha)
    rails-dom-testing (1.0.7)
      activesupport (>= 4.2.0.beta, < 5.0)
      nokogiri (~> 1.6.0)
      rails-deprecated_sanitizer (>= 1.0.1)
    rails-html-sanitizer (1.0.3)
      loofah (~> 2.0)
    rails-settings-cached (0.6.3)
      rails (>= 4.2.0)
    railties (4.2.6)
      actionpack (= 4.2.6)
      activesupport (= 4.2.6)
      rake (>= 0.8.7)
      thor (>= 0.18.1, < 2.0)
    raindrops (0.16.0)
    rake (11.1.2)
    ratchet-sass (2.0.2)
    rdoc (4.2.2)
      json (~> 1.4)
    redis (3.3.0)
    request_store (1.3.1)
    rest-client (1.8.0)
      http-cookie (>= 1.0.2, < 2.0)
      mime-types (>= 1.16, < 3.0)
      netrc (~> 0.7)
    roxml (3.3.1)
      activesupport (>= 2.3.0)
      nokogiri (>= 1.3.3)
    rqrcode (0.10.1)
      chunky_png (~> 1.0)
    sass (3.4.22)
    sass-rails (5.0.4)
      railties (>= 4.0.0, < 5.0)
      sass (~> 3.1)
      sprockets (>= 2.8, < 4.0)
      sprockets-rails (>= 2.0, < 4.0)
      tilt (>= 1.1, < 3)
    scrypt (2.1.1)
      ffi-compiler (>= 0.0.2)
      rake
    sdoc (0.4.1)
      json (~> 1.7, >= 1.7.7)
      rdoc (~> 4.0)
    select2-rails (4.0.1.1)
      thor (~> 0.14)
    sidekiq (4.1.1)
      concurrent-ruby (~> 1.0)
      connection_pool (~> 2.2, >= 2.2.0)
      redis (~> 3.2, >= 3.2.1)
    simple_enum (2.3.0)
      activesupport (>= 4.0.0)
    simple_enum-multiple (0.1.7)
      simple_enum (~> 2.3)
    simple_enum-persistence (0.1.1)
      simple_enum (~> 2.2)
    simple_form (3.2.1)
      actionpack (> 4, < 5.1)
      activemodel (> 4, < 5.1)
    sprockets (3.6.0)
      concurrent-ruby (~> 1.0)
      rack (> 1, < 3)
    sprockets-rails (3.0.4)
      actionpack (>= 4.0)
      activesupport (>= 4.0)
      sprockets (>= 3.0.0)
    sqlite3 (1.3.11)
    sshkit (1.10.0)
      net-scp (>= 1.1.2)
      net-ssh (>= 2.8.0)
    thor (0.19.1)
    thread_safe (0.3.5)
    tilt (2.0.2)
    tinymce-rails (4.3.8)
      railties (>= 3.1.1)
    turbolinks (5.0.0.beta2)
      turbolinks-source
    turbolinks-source (5.0.0.beta4)
    tzinfo (1.2.2)
      thread_safe (~> 0.1)
    uglifier (3.0.0)
      execjs (>= 0.3.0, < 3)
    unf (0.1.4)
      unf_ext
    unf_ext (0.0.7.2)
    unicorn (5.1.0)
      kgio (~> 2.6)
      raindrops (~> 0.7)
    web-console (2.3.0)
      activemodel (>= 4.0)
      binding_of_caller (>= 0.7.2)
      railties (>= 4.0)
      sprockets-rails (>= 2.0, < 4.0)
    weixin_authorize (1.6.4)
      carrierwave (>= 0.10.0)
      mini_magick (>= 3.7.0)
      redis (>= 3.1.0)
      rest-client (>= 1.6.7)
      yajl-ruby (>= 1.2.0)
    weixin_rails_middleware (1.3.2)
      multi_xml (>= 0.5.2)
      nokogiri (>= 1.6.1)
      rails (>= 3.1)
      railties (>= 3.1)
      roxml
    whenever (0.9.4)
      chronic (>= 0.6.3)
    yajl-ruby (1.2.1)

PLATFORMS
  ruby

DEPENDENCIES
  activerecord-redundancy
  alipay
  authlogic (~> 3.4.6)
  bootstrap-sass
  byebug
  capistrano-rails
  capistrano-sidekiq
  capistrano-unicorn-nginx
  chart-js-rails
  coffee-rails (~> 4.1.0)
  dotenv-rails
  dropzonejs-rails
  index_for!
  jbuilder (~> 2.0)
  jquery-datatables-rails
  jquery-rails (= 4.0.4)
  kaminari
  kaminari-bootstrap
  meta_request
  paperclip
  pg
  quiet_assets
  rails (~> 4.2.3)
  rails-settings-cached
  ratchet-sass
  rest-client
  rqrcode
  sass-rails (~> 5.0)
  sdoc (~> 0.4.0)
  select2-rails
  sidekiq
  simple_enum
  simple_enum-multiple
  simple_enum-persistence
  simple_form
  sqlite3
  tinymce-rails
  turbolinks (~> 5.0.0.beta)
  uglifier (>= 1.3.0)
  unicorn
  web-console (~> 2.0)
  weixin_authorize
  weixin_rails_middleware
  whenever
  wx_pay!

BUNDLED WITH
   1.11.2
